GEM
  specs:
    box (0.1.1)
    classifier (1.3.4)
      fast-stemmer (>= 1.0.0)
    curb (0.8.5)
    directory_watcher (1.5.1)
    fast-stemmer (1.0.2)
    feedjira (1.3.0)
      curb (~> 0.8.1)
      loofah (~> 2.0.0)
      sax-machine (~> 0.2.1)
    gli (2.10.0)
    jekyll (0.12.1)
      classifier (~> 1.3)
      directory_watcher (~> 1.1)
      kramdown (~> 1.3.2)
      liquid (~> 2.3)
      maruku (~> 0.5)
      pygments.rb (~> 0.3.2)
    kramdown (1.3.3)
    liquid (2.5.5)
    loofah (2.0.0)
      nokogiri (>= 1.5.9)
    maruku (0.7.0)
    mini_portile (0.5.3)
    mustache (0.99.5)
    nokogiri (1.6.2.rc2)
      mini_portile (~> 0.5.2)
    planet (0.5.3)
      box
      feedjira
      gli
      mustache
      stringex
    posix-spawn (0.3.8)
    pygments.rb (0.3.7)
      posix-spawn (~> 0.3.6)
      yajl-ruby (~> 1.1.0)
    sax-machine (0.2.1)
      nokogiri (~> 1.6.0)
    stringex (2.5.2)
    yajl-ruby (1.1.0)

PLATFORMS
  ruby

DEPENDENCIES
  jekyll (~> 0.12.1)
  kramdown (~> 1.3.2)
  planet (~> 0.5.3)
