GEM
  specs:
    box (0.1.1)
    classifier (1.3.4)
      fast-stemmer (>= 1.0.0)
    colorator (0.1)
    commander (4.1.6)
      highline (~> 1.6.11)
    curb (0.8.5)
    directory_watcher (1.4.1)
    fast-stemmer (1.0.2)
    feedjira (1.3.0)
      curb (~> 0.8.1)
      loofah (~> 2.0.0)
      sax-machine (~> 0.2.1)
    gli (2.10.0)
    highline (1.6.21)
    jekyll (1.0.0)
      classifier (~> 1.3)
      colorator (~> 0.1)
      commander (~> 4.1.3)
      directory_watcher (~> 1.4.1)
      kramdown (~> 1.3.3)
      liquid (~> 2.3)
      maruku (~> 0.5)
      pygments.rb (~> 0.4.2)
      safe_yaml (~> 0.7.0)
    kramdown (1.3.3)
    liquid (2.5.5)
    loofah (2.0.0)
      nokogiri (>= 1.5.9)
    maruku (0.7.0)
    method_info (0.1.11)
    mini_portile (0.5.3)
    mustache (0.99.5)
    nokogiri (1.6.2.rc2)
      mini_portile (~> 0.5.2)
    planet (0.5.3)
      box
      feedjira
      gli
      mustache
      stringex
    posix-spawn (0.3.8)
    pygments.rb (0.4.2)
      posix-spawn (~> 0.3.6)
      yajl-ruby (~> 1.1.0)
    safe_yaml (0.7.1)
    sax-machine (0.2.1)
      nokogiri (~> 1.6.0)
    stringex (2.5.2)
    yajl-ruby (1.1.0)

PLATFORMS
  ruby

DEPENDENCIES
  jekyll (~> 1.0.0)
  kramdown (~> 1.3.3)
  method_info (~> 0.1.11)
  planet (~> 0.5.3)
